PATH
  remote: .
  specs:
    puck (1.0.0.pre4)

GEM
  remote: https://rubygems.org/
  specs:
    coderay (1.0.9)
    colorize (0.5.8)
    coveralls (0.6.7)
      colorize
      multi_json (~> 1.3)
      rest-client
      simplecov (>= 0.7)
      thor
    diff-lcs (1.2.4)
    ffi (1.9.0-java)
    hashr (0.0.22)
    jruby-jars (1.7.12)
    kramdown (1.1.0)
    method_source (0.8.1)
    mime-types (1.23)
    multi_json (1.7.7)
    pry (0.9.12.2-java)
      coderay (~> 1.0.5)
      method_source (~> 0.8)
      slop (~> 3.4)
      spoon (~> 0.0)
    rake (10.1.0)
    rest-client (1.6.7)
      mime-types (>= 1.16)
    rspec (2.13.0)
      rspec-core (~> 2.13.0)
      rspec-expectations (~> 2.13.0)
      rspec-mocks (~> 2.13.0)
    rspec-core (2.13.1)
    rspec-expectations (2.13.0)
      diff-lcs (>= 1.1.3, < 2.0)
    rspec-mocks (2.13.1)
    simplecov (0.7.1)
      multi_json (~> 1.0)
      simplecov-html (~> 0.7.1)
    simplecov-html (0.7.1)
    slop (3.4.5)
    spoon (0.0.4)
      ffi
    thor (0.18.1)
    travis-lint (1.7.0)
      hashr (~> 0.0.22)
    yard (0.8.6.2)

PLATFORMS
  java
  ruby

DEPENDENCIES
  coveralls
  jruby-jars (= 1.7.12)
  kramdown
  pry
  puck!
  rake
  rspec
  simplecov
  travis-lint
  yard
