PATH
  remote: .
  specs:
    puck (1.0.0.pre0)

GEM
  remote: https://rubygems.org/
  specs:
    diff-lcs (1.2.4)
    jruby-jars (1.7.3)
    rspec (2.13.0)
      rspec-core (~> 2.13.0)
      rspec-expectations (~> 2.13.0)
      rspec-mocks (~> 2.13.0)
    rspec-core (2.13.1)
    rspec-expectations (2.13.0)
      diff-lcs (>= 1.1.3, < 2.0)
    rspec-mocks (2.13.1)

PLATFORMS
  java

DEPENDENCIES
  jruby-jars (= 1.7.3)
  puck!
  rspec
